GEM
  remote: http://rubygems.org/
  specs:
    nokogiri (1.5.5)
    rack (1.4.1)
    rack-protection (1.2.0)
      rack
    sinatra (1.3.2)
      rack (~> 1.3, >= 1.3.6)
      rack-protection (~> 1.2)
      tilt (~> 1.3, >= 1.3.3)
    tilt (1.3.3)

PLATFORMS
  ruby

DEPENDENCIES
<<<<<<< HEAD
  nokogiri (= 1.5.5)
=======
  nokogiri
>>>>>>> bca77ca64a175cd14ae3ef49663088ba154d26a6
  sinatra
